FRAMEWORK: >= NET40
NUGET
  remote: http://www.nuget.org/api/v2
    JetBrains.Annotations (10.1.5)
    StyleCop.Analyzers (1.0)
