FRAMEWORK: >= NET45
NUGET
  remote: http://www.nuget.org/api/v2
    JetBrains.Annotations (10.1.5)
    NUnit (3.4.1)
    StyleCop.Analyzers (1.0)
